GIT
  remote: git://github.com/ddollar/foreman.git
  revision: 64806956627e68777b615b88da8f98a70c2f30a8
  specs:
    foreman (0.74.0)
      dotenv (~> 0.11.1)
      thor (~> 0.19.1)

GIT
  remote: git://github.com/dwilkie/server-scripts.git
  revision: 6c1ae1c9ac00957209a25cbd54c68c5539a950bb
  specs:
    server-scripts (0.0.1)
      mail

GEM
  remote: https://rubygems.org/
  specs:
    dotenv (0.11.1)
      dotenv-deployment (~> 0.0.2)
    dotenv-deployment (0.0.2)
    mail (2.6.1)
      mime-types (>= 1.16, < 3)
    mime-types (2.3)
    thor (0.19.1)

PLATFORMS
  ruby

DEPENDENCIES
  foreman!
  server-scripts!
