GIT
  remote: git://github.com/ddollar/foreman.git
  revision: 3edce6a7b98152447854400993bfb770bef749da
  specs:
    foreman (0.67.0)
      dotenv (~> 0.7.0)
      thor (~> 0.17.0)

GIT
  remote: git://github.com/dwilkie/server-scripts.git
  revision: 804a5855174a6a55b793be476f2a7eb149efcd67
  specs:
    server-scripts (0.0.1)
      mail

GEM
  remote: https://rubygems.org/
  specs:
    dotenv (0.7.0)
    mail (2.5.4)
      mime-types (~> 1.16)
      treetop (~> 1.4.8)
    mime-types (1.25.1)
    polyglot (0.3.4)
    thor (0.17.0)
    treetop (1.4.15)
      polyglot
      polyglot (>= 0.3.1)

PLATFORMS
  ruby

DEPENDENCIES
  foreman!
  server-scripts!
